GEM
  remote: https://rubygems.org/
  specs:
    minitest (5.25.1)
    rake (13.2.1)

PLATFORMS
  arm64-darwin-23
  ruby

DEPENDENCIES
  minitest (~> 5.0)
  rake (~> 13.0)

RUBY VERSION
   ruby 3.3.3p89

BUNDLED WITH
   2.5.18
